PATH
  remote: .
  specs:
    composed_of_ipaddr (1.0.1)
      activerecord (>= 2.3)
      concerning (~> 1.1)

GEM
  remote: https://rubygems.org/
  specs:
    activemodel (4.1.0.beta1)
      activesupport (= 4.1.0.beta1)
      builder (~> 3.1)
    activerecord (4.1.0.beta1)
      activemodel (= 4.1.0.beta1)
      activesupport (= 4.1.0.beta1)
      arel (~> 5.0.0)
    activesupport (4.1.0.beta1)
      i18n (~> 0.6, >= 0.6.9)
      json (~> 1.7, >= 1.7.7)
      minitest (~> 5.1)
      thread_safe (~> 0.1)
      tzinfo (~> 1.1)
    arel (5.0.0)
    builder (3.2.2)
    concerning (1.1.0)
      activesupport (>= 3.0.0)
    i18n (0.6.9)
    json (1.8.1)
    minitest (5.2.3)
    rake (10.1.1)
    sqlite3 (1.3.8)
    thread_safe (0.3.6)
    tzinfo (1.2.10)
      thread_safe (~> 0.1)

PLATFORMS
  ruby

DEPENDENCIES
  activerecord (>= 4.1.0.beta1)
  composed_of_ipaddr!
  minitest (~> 5.1)
  rake (~> 10.1)
  sqlite3 (~> 1.3)
